GEM
  remote: https://rubygems.org/
  specs:
    albino (1.3.3)
      posix-spawn (>= 0.3.6)
    gepub (0.6.6)
      nokogiri (~> 1.5.0)
      rubyzip (= 0.9.6.1)
    nokogiri (1.5.2)
    posix-spawn (0.3.6)
    redcarpet (2.1.1)
    rubyzip (0.9.6.1)
    uuidtools (2.1.2)

PLATFORMS
  ruby

DEPENDENCIES
  albino
  gepub
  redcarpet
  uuidtools
